GEM
  remote: https://rubygems.org/
  specs:
    addressable (2.5.2)
      public_suffix (>= 2.0.2, < 4.0)
    backports (3.10.3)
    bmg (0.1.0)
    citrus (3.0.2)
    concurrent-ruby (1.0.5)
    diff-lcs (1.3)
    domain_name (0.5.20170404)
      unf (>= 0.0.5, < 1.0.0)
    et-orbi (1.0.9)
      tzinfo
    execjs (2.7.0)
    ffi (1.9.18)
    finitio (0.5.2)
      citrus (>= 2.4, < 4.0)
    http (2.2.2)
      addressable (~> 2.3)
      http-cookie (~> 1.0)
      http-form_data (~> 1.0.1)
      http_parser.rb (~> 0.6.0)
    http-cookie (1.0.3)
      domain_name (~> 0.5)
    http-form_data (1.0.3)
    http_parser.rb (0.6.0)
    jwt (1.5.6)
    multi_json (1.12.2)
    mustache (1.0.5)
    path (1.3.3)
    public_suffix (3.0.1)
    rack (1.6.8)
    rack-protection (1.5.3)
      rack
    rack-robustness (1.1.0)
    rack-test (0.6.3)
      rack (>= 1.0)
    rake (12.3.0)
    rb-fsevent (0.10.2)
    rb-inotify (0.9.10)
      ffi (>= 0.5.0, < 2)
    rspec (3.7.0)
      rspec-core (~> 3.7.0)
      rspec-expectations (~> 3.7.0)
      rspec-mocks (~> 3.7.0)
    rspec-core (3.7.0)
      rspec-support (~> 3.7.0)
    rspec-expectations (3.7.0)
      diff-lcs (>= 1.2.0, < 2.0)
      rspec-support (~> 3.7.0)
    rspec-mocks (3.7.0)
      diff-lcs (>= 1.2.0, < 2.0)
      rspec-support (~> 3.7.0)
    rspec-support (3.7.0)
    rufus-scheduler (3.4.2)
      et-orbi (~> 1.0)
    sass (3.5.4)
      sass-listen (~> 4.0.0)
    sass-listen (4.0.0)
      rb-fsevent (~> 0.9, >= 0.9.4)
      rb-inotify (~> 0.9, >= 0.9.7)
    sinatra (1.4.8)
      rack (~> 1.5)
      rack-protection (~> 1.4)
      tilt (>= 1.3, < 3)
    sinatra-contrib (1.4.7)
      backports (>= 2.0)
      multi_json
      rack-protection
      rack-test
      sinatra (~> 1.4.0)
      tilt (>= 1.3, < 3)
    sinatra-reloader (1.0)
      sinatra-contrib
    sprockets (3.7.1)
      concurrent-ruby (~> 1.0)
      rack (> 1, < 3)
    thread_safe (0.3.6)
    tilt (2.0.8)
    tzinfo (1.2.5)
      thread_safe (~> 0.1)
    uglifier (3.2.0)
      execjs (>= 0.3.0, < 3)
    unf (0.1.4)
      unf_ext
    unf_ext (0.0.7.4)
    webspicy (0.8.3)
      finitio (~> 0.5.2)
      http (~> 2)
      path (~> 1.3)
      rack-robustness (~> 1.1.0)
      rack-test (~> 0.6.3)
      rspec (~> 3.6)

PLATFORMS
  ruby

DEPENDENCIES
  bmg (~> 0.1)
  finitio (~> 0.5)
  jwt (~> 1.5)
  mustache (~> 1.0, >= 1.0.5)
  path (~> 1.3)
  rack-robustness (~> 1.1)
  rake (~> 12.0)
  rufus-scheduler (~> 3.4)
  sass (~> 3.4)
  sinatra (~> 1.4)
  sinatra-reloader (~> 1.0)
  sprockets (~> 3.7)
  uglifier (~> 3.1)
  webspicy (~> 0.8.2)

BUNDLED WITH
   1.16.0
